GIT
  remote: git://github.com/mleinart/graphite_storage.git
  revision: 0900f81ef15cc680cfd279a28323cc27fe0e2a6e
  specs:
    graphite_storage (0.0.1)

GEM
  remote: http://rubygems.org/
  specs:
    graphite_graph (0.0.1)
    rack (1.4.1)
    rack-protection (1.2.0)
      rack
    sinatra (1.3.2)
      rack (~> 1.3, >= 1.3.6)
      rack-protection (~> 1.2)
      tilt (~> 1.3, >= 1.3.3)
    tilt (1.3.3)

PLATFORMS
  ruby

DEPENDENCIES
  graphite_graph
  graphite_storage!
  sinatra
